PATH
  remote: .
  specs:
    resumer (0.1.0)
      commander (~> 4.5)
      kramdown (~> 2.1)
      pdfkit (~> 0.8)

GEM
  remote: https://rubygems.org/
  specs:
    commander (4.5.0)
      highline (~> 2.0.0)
    diff-lcs (1.3)
    highline (2.0.3)
    kramdown (2.1.0)
    pdfkit (0.8.4.1)
    rake (10.5.0)
    rspec (3.9.0)
      rspec-core (~> 3.9.0)
      rspec-expectations (~> 3.9.0)
      rspec-mocks (~> 3.9.0)
    rspec-core (3.9.1)
      rspec-support (~> 3.9.1)
    rspec-expectations (3.9.0)
      diff-lcs (>= 1.2.0, < 2.0)
      rspec-support (~> 3.9.0)
    rspec-mocks (3.9.1)
      diff-lcs (>= 1.2.0, < 2.0)
      rspec-support (~> 3.9.0)
    rspec-support (3.9.2)

PLATFORMS
  ruby

DEPENDENCIES
  bundler (~> 1.17)
  rake (~> 10.0)
  resumer!
  rspec (~> 3.0)

BUNDLED WITH
   1.17.3
