PATH
  remote: .
  specs:
    resumer (0.1.0)
      commander (~> 4.6)
      kramdown (~> 2.3)
      pdfkit (~> 0.8)

GEM
  remote: https://rubygems.org/
  specs:
    commander (4.6.0)
      highline (~> 2.0.0)
    diff-lcs (1.5.0)
    highline (2.0.3)
    kramdown (2.4.0)
      rexml
    pdfkit (0.8.7.3)
    rake (13.1.0)
    rexml (3.2.6)
    rspec (3.12.0)
      rspec-core (~> 3.12.0)
      rspec-expectations (~> 3.12.0)
      rspec-mocks (~> 3.12.0)
    rspec-core (3.12.2)
      rspec-support (~> 3.12.0)
    rspec-expectations (3.12.3)
      diff-lcs (>= 1.2.0, < 2.0)
      rspec-support (~> 3.12.0)
    rspec-mocks (3.12.6)
      diff-lcs (>= 1.2.0, < 2.0)
      rspec-support (~> 3.12.0)
    rspec-support (3.12.1)

PLATFORMS
  ruby

DEPENDENCIES
  bundler (~> 2.1)
  rake (~> 13.0)
  resumer!
  rspec (~> 3.0)

BUNDLED WITH
   2.4.10
